GEM
  remote: http://rubygems.org/
  specs:
    diff-lcs (1.2.5)
    gmp (0.5.47)
    guard (1.4.0)
      listen (>= 0.4.2)
      thor (>= 0.14.6)
    guard-rspec (2.0.0)
      guard (>= 1.1)
      rspec (~> 2.11)
    guard-shell (0.5.1)
      guard (>= 1.1.0)
    listen (0.5.2)
    rb-fsevent (0.9.2)
    redcarpet (2.1.1)
    rspec (2.14.1)
      rspec-core (~> 2.14.0)
      rspec-expectations (~> 2.14.0)
      rspec-mocks (~> 2.14.0)
    rspec-core (2.14.7)
    rspec-expectations (2.14.4)
      diff-lcs (>= 1.1.3, < 2.0)
    rspec-mocks (2.14.4)
    thor (0.16.0)
    yard (0.8.2.1)

PLATFORMS
  ruby

DEPENDENCIES
  gmp
  guard-rspec
  guard-shell
  rb-fsevent
  redcarpet
  rspec
  yard
